PATH
  remote: .
  specs:
    blabbr_core (0.0.1)
      bson_ext (~> 1.5)
      carrierwave-mongoid
      fromage
      mini_magick
      mongoid (~> 2.4)
      simple_states (~> 0.0.11)

GEM
  remote: http://rubygems.org/
  specs:
    activemodel (3.1.3)
      activesupport (= 3.1.3)
      builder (~> 3.0.0)
      i18n (~> 0.6)
    activesupport (3.1.3)
      multi_json (~> 1.0)
    autotest-standalone (4.5.9)
    bson (1.5.2)
    bson_ext (1.5.2)
      bson (= 1.5.2)
    builder (3.0.0)
    carrierwave (0.5.8)
      activesupport (~> 3.0)
    carrierwave-mongoid (0.1.3)
      carrierwave (>= 0.5.6)
      mongoid (~> 2.1)
    diff-lcs (1.1.3)
    factory_girl (2.3.2)
      activesupport
    faker (1.0.1)
      i18n (~> 0.4)
    fromage (0.0.2)
    fuubar (0.0.6)
      rspec (~> 2.0)
      rspec-instafail (~> 0.1.8)
      ruby-progressbar (~> 0.0.10)
    hashr (0.0.19)
    i18n (0.6.0)
    mini_magick (3.4)
      subexec (~> 0.2.1)
    mongo (1.5.2)
      bson (= 1.5.2)
    mongoid (2.4.0)
      activemodel (~> 3.1)
      mongo (~> 1.3)
      tzinfo (~> 0.3.22)
    mongoid-rspec (1.4.4)
      mongoid (~> 2.0)
      rspec (~> 2)
    multi_json (1.0.4)
    rspec (2.8.0)
      rspec-core (~> 2.8.0)
      rspec-expectations (~> 2.8.0)
      rspec-mocks (~> 2.8.0)
    rspec-core (2.8.0)
    rspec-expectations (2.8.0)
      diff-lcs (~> 1.1.2)
    rspec-instafail (0.1.9)
    rspec-mocks (2.8.0)
    ruby-progressbar (0.0.10)
    simple_states (0.0.11)
      activesupport
      hashr (~> 0.0.10)
    subexec (0.2.1)
    tzinfo (0.3.31)

PLATFORMS
  ruby

DEPENDENCIES
  autotest-standalone
  blabbr_core!
  factory_girl
  faker
  fuubar
  mongoid-rspec
  rspec (~> 2.8)
