GIT
  remote: git://github.com/chatgris/blabbr_core.git
  revision: 1ed15d53fbd07af19ba5f2d81729da18f9ddb973
  specs:
    blabbr_core (0.0.1)
      bcrypt-ruby
      bson_ext (~> 1.5)
      fromage
      mongoid (~> 2.4)
      simple_states (~> 0.0.11)

GIT
  remote: git://github.com/sinatra/sinatra.git
  revision: 0bf6b92cedd86df89068b3c0b1b0f58ad28287eb
  specs:
    sinatra (1.4.0)
      rack (~> 1.3, >= 1.3.6)
      rack-protection (~> 1.2)
      tilt (~> 1.3, >= 1.3.3)

GEM
  remote: http://rubygems.org/
  specs:
    activemodel (3.2.3)
      activesupport (= 3.2.3)
      builder (~> 3.0.0)
    activesupport (3.2.3)
      i18n (~> 0.6)
      multi_json (~> 1.0)
    bcrypt-ruby (3.0.1)
    bson (1.6.2)
    bson_ext (1.6.2)
      bson (~> 1.6.2)
    builder (3.0.0)
    daemons (1.1.8)
    eventmachine (0.12.10)
    fromage (0.0.3)
    hashr (0.0.20)
    i18n (0.6.0)
    mongo (1.6.2)
      bson (~> 1.6.2)
    mongoid (2.4.7)
      activemodel (~> 3.1)
      mongo (~> 1.3)
      tzinfo (~> 0.3.22)
    multi_json (1.2.0)
    rack (1.4.1)
    rack-protection (1.2.0)
      rack
    simple_states (0.0.11)
      activesupport
      hashr (~> 0.0.10)
    thin (1.3.1)
      daemons (>= 1.0.9)
      eventmachine (>= 0.12.6)
      rack (>= 1.0.0)
    tilt (1.3.3)
    tzinfo (0.3.33)
    warden (1.1.1)
      rack (>= 1.0)

PLATFORMS
  ruby

DEPENDENCIES
  blabbr_core!
  sinatra!
  thin
  warden
