GIT
  remote: git://github.com/chatgris/carrierwave.git
  revision: d4788500e6da06718a5c7d73e55a982803c3ff6c
  specs:
    carrierwave (0.5.4)
      activesupport (~> 3.0)

GEM
  remote: http://rubygems.org/
  specs:
    ClothRed (0.4.1)
    RedCloth (4.2.9)
    ZenTest (4.5.0)
    actionmailer (3.2.11)
      actionpack (= 3.2.11)
      mail (~> 2.4.4)
    actionpack (3.2.11)
      activemodel (= 3.2.11)
      activesupport (= 3.2.11)
      builder (~> 3.0.0)
      erubis (~> 2.7.0)
      journey (~> 1.0.4)
      rack (~> 1.4.0)
      rack-cache (~> 1.2)
      rack-test (~> 0.6.1)
      sprockets (~> 2.2.1)
    activemodel (3.2.11)
      activesupport (= 3.2.11)
      builder (~> 3.0.0)
    activerecord (3.2.11)
      activemodel (= 3.2.11)
      activesupport (= 3.2.11)
      arel (~> 3.0.2)
      tzinfo (~> 0.3.29)
    activeresource (3.2.11)
      activemodel (= 3.2.11)
      activesupport (= 3.2.11)
    activesupport (3.2.11)
      i18n (~> 0.6)
      multi_json (~> 1.0)
    addressable (2.2.6)
    arel (3.0.2)
    autotest (4.4.6)
      ZenTest (>= 4.4.1)
    autotest-notification (2.3.1)
      autotest (~> 4.3)
    bcrypt-ruby (2.1.4)
    bson (1.3.1)
    bson_ext (1.3.1)
    builder (3.0.4)
    cancan (1.6.8)
    coffee-script (2.2.0)
      coffee-script-source
      execjs
    coffee-script-source (1.1.1)
    crack (0.1.8)
    daemons (1.1.4)
    devise (1.2.1)
      bcrypt-ruby (~> 2.1.2)
      orm_adapter (~> 0.0.3)
      warden (~> 1.0.3)
    diff-lcs (1.1.2)
    em-http-request (0.3.0)
      addressable (>= 2.0.0)
      escape_utils
      eventmachine (>= 0.12.9)
    erubis (2.7.0)
    escape_utils (0.2.3)
    eventmachine (0.12.10)
    execjs (1.2.0)
      multi_json (~> 1.0)
    factory_girl (1.3.3)
    factory_girl_rails (1.0.1)
      factory_girl (~> 1.3)
      railties (>= 3.0.0)
    faker (0.9.5)
      i18n (~> 0.4)
    haml (3.1.7)
    haml-rails (0.3.5)
      actionpack (>= 3.1, < 4.1)
      activesupport (>= 3.1, < 4.1)
      haml (~> 3.1)
      railties (>= 3.1, < 4.1)
    hike (1.2.1)
    hoptoad_notifier (2.4.11)
      activesupport
      builder
    i18n (0.6.1)
    journey (1.0.4)
    json (1.7.6)
    kaminari (0.12.4)
      rails (>= 3.0.0)
    mail (2.4.4)
      i18n (>= 0.4.0)
      mime-types (~> 1.16)
      treetop (~> 1.4.8)
    mime-types (1.19)
    mini_magick (3.3)
      subexec (~> 0.1.0)
    mongo (1.3.1)
      bson (>= 1.3.1)
    mongoid (2.0.2)
      activemodel (~> 3.0)
      mongo (~> 1.3)
      tzinfo (~> 0.3.22)
    mongoid-rspec (1.4.4)
      mongoid (~> 2.0)
      rspec (~> 2)
    multi_json (1.5.0)
    newrelic_rpm (3.1.0)
    nokogiri (1.4.3.1)
    orm_adapter (0.0.5)
    polyglot (0.3.3)
    pusher (0.8.1)
      crack (~> 0.1.0)
      multi_json (~> 1.0)
      ruby-hmac (~> 0.4.0)
      signature (~> 0.1.2)
    rack (1.4.4)
    rack-cache (1.2)
      rack (>= 0.4)
    rack-ssl (1.3.3)
      rack
    rack-test (0.6.2)
      rack (>= 1.0)
    rails (3.2.11)
      actionmailer (= 3.2.11)
      actionpack (= 3.2.11)
      activerecord (= 3.2.11)
      activeresource (= 3.2.11)
      activesupport (= 3.2.11)
      bundler (~> 1.0)
      railties (= 3.2.11)
    rails_autolink (1.0.9)
      rails (~> 3.1)
    railties (3.2.11)
      actionpack (= 3.2.11)
      activesupport (= 3.2.11)
      rack-ssl (~> 1.3.2)
      rake (>= 0.8.7)
      rdoc (~> 3.4)
      thor (>= 0.14.6, < 2.0)
    rake (0.9.6)
    rbbcode (0.1.11)
      sanitize-url (>= 0.1.3)
    rdoc (3.12)
      json (~> 1.4)
    redis (2.2.1)
    redis-store (1.0.0.rc1)
      redis (~> 2.2.0)
    rpm_contrib (2.1.3)
      newrelic_rpm (>= 3.0.0)
    rspec (2.6.0)
      rspec-core (~> 2.6.0)
      rspec-expectations (~> 2.6.0)
      rspec-mocks (~> 2.6.0)
    rspec-core (2.6.4)
    rspec-expectations (2.6.0)
      diff-lcs (~> 1.1.2)
    rspec-mocks (2.6.0)
    rspec-rails (2.6.1)
      actionpack (~> 3.0)
      activesupport (~> 3.0)
      railties (~> 3.0)
      rspec (~> 2.6.0)
    ruby-hmac (0.4.0)
    sanitize-url (0.1.4)
    sass (3.1.3)
    signature (0.1.2)
      ruby-hmac
    simple_form (1.3.1)
    spork (0.8.5)
    sprockets (2.2.2)
      hike (~> 1.2)
      multi_json (~> 1.0)
      rack (~> 1.0)
      tilt (~> 1.1, != 1.3.0)
    stateflow (0.4.2)
    subexec (0.1.0)
    therubyracer-heroku (0.8.1.pre3)
    thin (1.2.11)
      daemons (>= 1.0.9)
      eventmachine (>= 0.12.6)
      rack (>= 1.0.0)
    thor (0.17.0)
    tilt (1.3.3)
    treetop (1.4.12)
      polyglot
      polyglot (>= 0.3.1)
    tzinfo (0.3.35)
    uglifier (1.0.0)
      execjs (>= 0.3.0)
      multi_json (>= 1.0.2)
    warden (1.0.4)
      rack (>= 1.0)

PLATFORMS
  ruby

DEPENDENCIES
  ClothRed (~> 0.4.1)
  RedCloth
  autotest
  autotest-notification
  bson (~> 1.3)
  bson_ext (~> 1.3)
  cancan (~> 1.6.4)
  carrierwave!
  coffee-script
  devise (~> 1.2.1)
  em-http-request (~> 0.3.0)
  eventmachine (~> 0.12.10)
  factory_girl_rails (~> 1.0)
  faker (~> 0.9.5)
  haml-rails
  hoptoad_notifier
  kaminari (~> 0.12.4)
  mini_magick (~> 3.2)
  mongo (~> 1.3)
  mongoid (~> 2.0.2)
  mongoid-rspec (~> 1.4.2)
  nokogiri (~> 1.4.3.1)
  pusher (~> 0.8.0)
  rails (~> 3.2)
  rails_autolink
  rake (~> 0.9.1)
  rbbcode (~> 0.1.8)
  redis-store (~> 1.0.0.beta4)
  rpm_contrib (~> 2.1.1)
  rspec-rails (~> 2.6.0)
  sass (~> 3.1.2)
  simple_form (~> 1.3.1)
  spork
  stateflow (~> 0.4.2)
  therubyracer-heroku (= 0.8.1.pre3)
  thin
  uglifier
